GEM
  remote: http://rubygems.org/
  specs:
    rack (1.2.2)
    sequel (3.22.0)
    sinatra (1.2.1)
      rack (~> 1.1)
      tilt (>= 1.2.2, < 2.0)
    sqlite3 (1.3.3)
    tilt (1.2.2)

PLATFORMS
  ruby

DEPENDENCIES
  sequel
  sinatra
  sqlite3
